GEM
  remote: https://rubygems.org/
  specs:
    CFPropertyList (2.2.8)
    coderay (1.1.0)
    diff-lcs (1.2.5)
    facter (2.0.2)
      CFPropertyList (~> 2.2.6)
    hiera (1.3.4)
      json_pure
    json_pure (1.8.1)
    method_source (0.8.2)
    pry (0.10.0)
      coderay (~> 1.1.0)
      method_source (~> 0.8.1)
      slop (~> 3.4)
    puppet (3.6.2)
      facter (> 1.6, < 3)
      hiera (~> 1.0)
      json_pure
      rgen (~> 0.6.5)
    puppet-lint (0.3.2)
    rake (10.3.2)
    rgen (0.6.6)
    rspec (3.0.0)
      rspec-core (~> 3.0.0)
      rspec-expectations (~> 3.0.0)
      rspec-mocks (~> 3.0.0)
    rspec-core (3.0.1)
      rspec-support (~> 3.0.0)
    rspec-expectations (3.0.1)
      diff-lcs (>= 1.2.0, < 2.0)
      rspec-support (~> 3.0.0)
    rspec-mocks (3.0.1)
      rspec-support (~> 3.0.0)
    rspec-puppet (1.0.1)
      rspec
    rspec-support (3.0.0)
    slop (3.5.0)

PLATFORMS
  ruby

DEPENDENCIES
  pry
  puppet
  puppet-lint
  rake
  rspec-puppet
